GIT
  remote: git://github.com/binaryage/html_press.git
  revision: 9be832ba8b7d1a0e12783b39512bcac6508549dd
  specs:
    html_press (0.7.1)
      css_press (>= 0.3.2)
      htmlentities
      uglifier

GIT
  remote: git://github.com/binaryage/jekyll.git
  revision: 4270cce2e007c3d4d32f5b72228bc0da62f4953f
  specs:
    jekyll (1.0.2)
      classifier (~> 1.3)
      colorator (~> 0.1)
      commander (~> 4.1.3)
      directory_watcher (~> 1.4.1)
      kramdown (~> 1.0.2)
      liquid (~> 2.3)
      maruku (~> 0.5)
      pygments.rb (~> 0.5.0)
      safe_yaml (~> 0.7.0)

GEM
  remote: http://rubygems.org/
  specs:
    POpen4 (0.1.4)
      Platform (>= 0.4.0)
      open4
    Platform (0.4.0)
    classifier (1.3.3)
      fast-stemmer (>= 1.0.0)
    closure-compiler (1.1.10)
    coffee-script (2.2.0)
      coffee-script-source
      execjs
    coffee-script-source (1.6.2)
    colorator (0.1)
    colored (1.2)
    commander (4.1.3)
      highline (~> 1.6.11)
    css_press (0.3.2)
      csspool-st (= 3.1.2)
      json
    csspool-st (3.1.2)
    directory_watcher (1.4.1)
    execjs (1.4.0)
      multi_json (~> 1.0)
    fast-stemmer (1.0.2)
    highline (1.6.19)
    htmlentities (4.3.1)
    json (1.8.0)
    kramdown (1.0.2)
    liquid (2.5.0)
    maruku (0.6.1)
      syntax (>= 1.0.0)
    multi_json (1.7.5)
    open4 (1.3.0)
    posix-spawn (0.3.6)
    pygments.rb (0.5.0)
      posix-spawn (~> 0.3.6)
      yajl-ruby (~> 1.1.0)
    rdiscount (2.1.6)
    safe_yaml (0.7.1)
    stylus (0.7.2)
      execjs
      stylus-source
    stylus-source (0.31.0)
    syntax (1.0.0)
    tilt (1.4.1)
    uglifier (2.1.1)
      execjs (>= 0.3.0)
      multi_json (~> 1.0, >= 1.0.2)
    yajl-ruby (1.1.0)
    yui-compressor (0.9.6)
      POpen4 (>= 0.1.4)

PLATFORMS
  ruby

DEPENDENCIES
  closure-compiler
  coffee-script
  colored
  html_press!
  jekyll!
  rdiscount
  stylus
  tilt
  yui-compressor
