GIT
  remote: git://github.com/binaryage/html_press.git
  revision: a5622ceee302129c7712e83db0264190953a8117
  specs:
    html_press (0.7.1)
      css_press (>= 0.3.2)
      htmlentities
      uglifier

GIT
  remote: git://github.com/binaryage/jekyll.git
  revision: 191d4da8c5abac40d3d850e2de451e4ee063af57
  specs:
    jekyll (0.11.2)
      classifier (~> 1.3)
      directory_watcher (~> 1.1)
      kramdown (~> 0.13.4)
      liquid (~> 2.3)
      maruku (~> 0.5)
      pygments.rb (~> 0.2.12)

GEM
  remote: http://rubygems.org/
  specs:
    POpen4 (0.1.4)
      Platform (>= 0.4.0)
      open4
    Platform (0.4.0)
    blankslate (3.1.2)
    classifier (1.3.3)
      fast-stemmer (>= 1.0.0)
    closure-compiler (1.1.7)
    coffee-script (2.2.0)
      coffee-script-source
      execjs
    coffee-script-source (1.4.0)
    colored (1.2)
    css_press (0.3.2)
      csspool-st (= 3.1.2)
      json
    csspool-st (3.1.2)
    directory_watcher (1.4.1)
    execjs (1.4.0)
      multi_json (~> 1.0)
    fast-stemmer (1.0.1)
    ffi (1.0.11)
    htmlentities (4.3.1)
    json (1.7.5)
    kramdown (0.13.8)
    liquid (2.4.1)
    maruku (0.6.1)
      syntax (>= 1.0.0)
    multi_json (1.4.0)
    open4 (1.3.0)
    pygments.rb (0.2.13)
      rubypython (~> 0.5.3)
    rdiscount (1.6.8)
    rubypython (0.5.3)
      blankslate (>= 2.1.2.3)
      ffi (~> 1.0.7)
    stylus (0.6.2)
      execjs
      stylus-source
    stylus-source (0.31.0)
    syntax (1.0.0)
    tilt (1.3.3)
    uglifier (1.3.0)
      execjs (>= 0.3.0)
      multi_json (~> 1.0, >= 1.0.2)
    yui-compressor (0.9.6)
      POpen4 (>= 0.1.4)

PLATFORMS
  ruby

DEPENDENCIES
  closure-compiler
  coffee-script
  colored
  html_press!
  jekyll!
  rdiscount
  stylus
  tilt
  yui-compressor
